PATH
  remote: .
  specs:
    everbox_client (0.0.12)
      highline
      json_pure
      launchy
      oauth
      rest-client

GEM
  remote: http://rubygems.org/
  specs:
    addressable (2.2.7)
    diff-lcs (1.1.3)
    highline (1.6.11)
    json (1.6.6)
    json_pure (1.6.6)
    launchy (2.1.0)
      addressable (~> 2.2.6)
    mime-types (1.18)
    oauth (0.4.5)
    rake (0.8.7)
    rdoc (3.12)
      json (~> 1.4)
    rest-client (1.6.7)
      mime-types (>= 1.16)
    rspec (2.9.0)
      rspec-core (~> 2.9.0)
      rspec-expectations (~> 2.9.0)
      rspec-mocks (~> 2.9.0)
    rspec-core (2.9.0)
    rspec-expectations (2.9.0)
      diff-lcs (~> 1.1.3)
    rspec-mocks (2.9.0)

PLATFORMS
  ruby

DEPENDENCIES
  everbox_client!
  rake (= 0.8.7)
  rdoc
  rspec
